PATH
  remote: .
  specs:
    orientdb (0.0.1-java)
      hashie

GEM
  remote: http://rubygems.org/
  specs:
    awesome_print (0.2.1)
    hashie (0.4.0)

PLATFORMS
  java

DEPENDENCIES
  awesome_print
  bundler (>= 1.0.0)
  hashie
  orientdb!
