PATH
  remote: .
  specs:
    orientdb (0.0.25-java)

GEM
  remote: http://rubygems.org/
  specs:
    awesome_print (1.1.0)
    columnize (0.3.6)
    diff-lcs (1.1.3)
    rspec (2.11.0)
      rspec-core (~> 2.11.0)
      rspec-expectations (~> 2.11.0)
      rspec-mocks (~> 2.11.0)
    rspec-core (2.11.1)
    rspec-expectations (2.11.3)
      diff-lcs (~> 1.1.3)
    rspec-mocks (2.11.3)
    ruby-debug (0.10.4)
      columnize (>= 0.1)
      ruby-debug-base (~> 0.10.4.0)
    ruby-debug-base (0.10.4-java)

PLATFORMS
  java

DEPENDENCIES
  awesome_print
  orientdb!
  rspec (>= 2.4)
  ruby-debug
